GEM
  remote: https://rubygems.org/
  specs:
    Ascii85 (1.1.0)
    addressable (2.8.0)
      public_suffix (>= 2.0.2, < 5.0)
    afm (0.2.2)
    ast (2.4.2)
    backports (3.23.0)
    builder (3.2.4)
    capybara (3.36.0)
      addressable
      matrix
      mini_mime (>= 0.1.3)
      nokogiri (~> 1.8)
      rack (>= 1.6.0)
      rack-test (>= 0.6.3)
      regexp_parser (>= 1.5, < 3.0)
      xpath (~> 3.2)
    childprocess (4.1.0)
    clipboard (1.3.6)
    coderay (1.1.3)
    concurrent-ruby (1.1.10)
    cpf_faker (1.3.0)
      clipboard
    cucumber (3.1.2)
      builder (>= 2.1.2)
      cucumber-core (~> 3.2.0)
      cucumber-expressions (~> 6.0.1)
      cucumber-wire (~> 0.0.1)
      diff-lcs (~> 1.3)
      gherkin (~> 5.1.0)
      multi_json (>= 1.7.5, < 2.0)
      multi_test (>= 0.1.2)
    cucumber-core (3.2.1)
      backports (>= 3.8.0)
      cucumber-tag_expressions (~> 1.1.0)
      gherkin (~> 5.0)
    cucumber-expressions (6.0.1)
    cucumber-tag_expressions (1.1.1)
    cucumber-wire (0.0.1)
    diff-lcs (1.5.0)
    dotenv (2.8.1)
    faker (2.22.0)
      i18n (>= 1.8.11, < 2)
    faker_credit_card (0.0.2)
    ffi (1.15.5-x64-mingw32)
    gherkin (5.1.0)
    hashery (2.1.2)
    httparty (0.18.1)
      mime-types (~> 3.0)
      multi_xml (>= 0.5.2)
    i18n (1.12.0)
      concurrent-ruby (~> 1.0)
    iniparse (1.5.0)
    json (2.6.2)
    matrix (0.4.2)
    method_source (1.0.0)
    mime-types (3.4.1)
      mime-types-data (~> 3.2015)
    mime-types-data (3.2022.0105)
    mini_mime (1.1.2)
    multi_json (1.15.0)
    multi_test (1.1.0)
    multi_xml (0.6.0)
    nokogiri (1.11.0-x64-mingw32)
      racc (~> 1.4)
    overcommit (0.59.1)
      childprocess (>= 0.6.3, < 5)
      iniparse (~> 1.4)
      rexml (~> 3.2)
    parallel (1.22.1)
    parser (3.1.2.0)
      ast (~> 2.4.1)
    pdf-reader (2.10.0)
      Ascii85 (~> 1.0)
      afm (~> 0.2.1)
      hashery (~> 2.0)
      ruby-rc4
      ttfunk
    pry (0.14.1)
      coderay (~> 1.1)
      method_source (~> 1.0)
    public_suffix (4.0.7)
    racc (1.6.0)
    rack (2.2.4)
    rack-test (2.0.2)
      rack (>= 1.3)
    rainbow (3.1.1)
    regexp_parser (2.5.0)
    report_builder (1.9)
      json (>= 2.3.0)
    rexml (3.2.5)
    rspec (3.9.0)
      rspec-core (~> 3.9.0)
      rspec-expectations (~> 3.9.0)
      rspec-mocks (~> 3.9.0)
    rspec-core (3.9.3)
      rspec-support (~> 3.9.3)
    rspec-expectations (3.9.4)
      diff-lcs (>= 1.2.0, < 2.0)
      rspec-support (~> 3.9.0)
    rspec-mocks (3.9.1)
      diff-lcs (>= 1.2.0, < 2.0)
      rspec-support (~> 3.9.0)
    rspec-retry (0.6.2)
      rspec-core (> 3.3)
    rspec-support (3.9.4)
    rubocop (1.7.0)
      parallel (~> 1.10)
      parser (>= 2.7.1.5)
      rainbow (>= 2.2.2, < 4.0)
      regexp_parser (>= 1.8, < 3.0)
      rexml
      rubocop-ast (>= 1.2.0, < 2.0)
      ruby-progressbar (~> 1.7)
      unicode-display_width (>= 1.4.0, < 2.0)
    rubocop-ast (1.19.1)
      parser (>= 3.1.1.0)
    ruby-progressbar (1.11.0)
    ruby-rc4 (0.1.5)
    rubyzip (2.3.2)
    selenium-webdriver (4.1.0)
      childprocess (>= 0.5, < 5.0)
      rexml (~> 3.2, >= 3.2.5)
      rubyzip (>= 1.2.2)
    site_prism (3.4.2)
      addressable (~> 2.5)
      capybara (~> 3.3)
      site_prism-all_there (>= 0.3.1, < 1.0)
    site_prism-all_there (0.3.2)
    ttfunk (1.7.0)
    unicode-display_width (1.8.0)
    xpath (3.2.0)
      nokogiri (~> 1.8)

PLATFORMS
  x64-mingw32

DEPENDENCIES
  capybara (= 3.36.0)
  cpf_faker
  cucumber (= 3.1.2)
  dotenv
  faker
  faker_credit_card
  ffi
  httparty (= 0.18.1)
  nokogiri (= 1.11.0)
  overcommit
  pdf-reader
  pry
  report_builder
  rspec (= 3.9.0)
  rspec-retry (= 0.6.2)
  rubocop (= 1.7.0)
  selenium-webdriver
  site_prism (= 3.4.2)

BUNDLED WITH
   2.3.18
